GEM
  remote: https://rubygems.org/
  specs:
    benchmark (0.4.1)
    concurrent-ruby (1.3.5)
    docile (1.4.1)
    json (2.15.1)
    minitest (5.26.0)
    rake (13.3.0)
    simplecov (0.22.0)
      docile
      simplecov-html
      simplecov_json_formatter
    simplecov-html (0.13.2)
    simplecov_json_formatter (0.1.4)

PLATFORMS
  arm64-darwin-24
  ruby

DEPENDENCIES
  benchmark
  concurrent-ruby
  json
  minitest
  rake
  simplecov

BUNDLED WITH
   2.7.2
